PATH
  remote: .
  specs:
    apn_on_rails (0.5.1)
      actionpack (~> 4.0.0.rc2)
      activerecord (~> 4.0.0.rc2)
      configatron

GEM
  remote: http://rubygems.org/
  specs:
    ZenTest (4.4.2)
    actionpack (4.0.0.rc2)
      activesupport (= 4.0.0.rc2)
      builder (~> 3.1.0)
      erubis (~> 2.7.0)
      rack (~> 1.5.2)
      rack-test (~> 0.6.2)
    activemodel (4.0.0.rc2)
      activesupport (= 4.0.0.rc2)
      builder (~> 3.1.0)
    activerecord (4.0.0.rc2)
      activemodel (= 4.0.0.rc2)
      activerecord-deprecated_finders (~> 1.0.2)
      activesupport (= 4.0.0.rc2)
      arel (~> 4.0.0)
    activerecord-deprecated_finders (1.0.3)
    activesupport (4.0.0.rc2)
      i18n (~> 0.6, >= 0.6.4)
      minitest (~> 4.2)
      multi_json (~> 1.3)
      thread_safe (~> 0.1)
      tzinfo (~> 0.3.37)
    arel (4.0.0)
    atomic (1.1.9)
    autotest (4.4.6)
      ZenTest (>= 4.4.1)
    builder (3.1.4)
    configatron (2.13.0)
      yamler (>= 0.1.0)
    diff-lcs (1.1.2)
    erubis (2.7.0)
    i18n (0.6.4)
    minitest (4.7.4)
    multi_json (1.7.7)
    rack (1.5.2)
    rack-test (0.6.2)
      rack (>= 1.0)
    rake (0.8.7)
    rspec (2.4.0)
      rspec-core (~> 2.4.0)
      rspec-expectations (~> 2.4.0)
      rspec-mocks (~> 2.4.0)
    rspec-core (2.4.0)
    rspec-expectations (2.4.0)
      diff-lcs (~> 1.1.2)
    rspec-mocks (2.4.0)
    simplecov (0.7.1)
      multi_json (~> 1.0)
      simplecov-html (~> 0.7.1)
    simplecov-html (0.7.1)
    sqlite3 (1.3.5)
    thread_safe (0.1.0)
      atomic
    tzinfo (0.3.37)
    yamler (0.1.0)

PLATFORMS
  ruby

DEPENDENCIES
  apn_on_rails!
  autotest
  bundler
  rake
  rspec
  simplecov
  sqlite3
